GEM
  remote: http://rubygems.org/
  specs:
    awesome_print (1.8.0)
    byebug (9.0.6)
    coderay (1.1.1)
    diff-lcs (1.3)
    faraday (0.12.2)
      multipart-post (>= 1.2, < 3)
    find_a_port (1.0.1)
    httparty (0.15.6)
      multi_xml (>= 0.5.2)
    json (2.1.0)
    method_source (0.8.2)
    multi_xml (0.6.0)
    multipart-post (2.0.0)
    pact (1.14.0)
      json (> 1.8.5)
      pact-mock_service (~> 2.0)
      pact-support (~> 1.1)
      rack-test (~> 0.6.2)
      randexp (~> 0.1.7)
      rspec (>= 2.14)
      term-ansicolor (~> 1.0)
      thor
      webrick
    pact-mock_service (2.1.0)
      find_a_port (~> 1.0.1)
      json
      pact-support (~> 1.0)
      rack
      rack-test (~> 0.6.2)
      rspec (>= 2.14)
      term-ansicolor (~> 1.0)
      thor
      webrick
    pact-support (1.1.5)
      awesome_print (~> 1.1)
      find_a_port (~> 1.0.1)
      json
      rack-test (~> 0.6.2)
      randexp (~> 0.1.7)
      rspec (>= 2.14)
      term-ansicolor (~> 1.0)
      thor
    pact_broker-client (1.3.0)
      httparty
      json
      pact
      term-ansicolor
    pry (0.10.4)
      coderay (~> 1.1.0)
      method_source (~> 0.8.1)
      slop (~> 3.4)
    pry-byebug (3.4.2)
      byebug (~> 9.0)
      pry (~> 0.10)
    rack (2.0.3)
    rack-test (0.6.3)
      rack (>= 1.0)
    rake (12.0.0)
    randexp (0.1.7)
    rspec (3.6.0)
      rspec-core (~> 3.6.0)
      rspec-expectations (~> 3.6.0)
      rspec-mocks (~> 3.6.0)
    rspec-core (3.6.0)
      rspec-support (~> 3.6.0)
    rspec-expectations (3.6.0)
      diff-lcs (>= 1.2.0, < 2.0)
      rspec-support (~> 3.6.0)
    rspec-mocks (3.6.0)
      diff-lcs (>= 1.2.0, < 2.0)
      rspec-support (~> 3.6.0)
    rspec-support (3.6.0)
    slop (3.6.0)
    term-ansicolor (1.6.0)
      tins (~> 1.0)
    thor (0.19.4)
    tins (1.15.0)
    webrick (1.3.1)

PLATFORMS
  ruby

DEPENDENCIES
  faraday (~> 0.12)
  pact (~> 1.12)
  pact_broker-client
  pry-byebug (~> 3.4)
  rake (~> 12.0)
  rspec (~> 3.6)

BUNDLED WITH
   1.14.6
